GEM
  remote: https://rubygems.org/
  specs:
    parallel (1.21.0)

PLATFORMS
  ruby

DEPENDENCIES
  parallel

RUBY VERSION
   ruby 2.7.5p203

BUNDLED WITH
   2.1.4
